GEM
  remote: https://rubygems.org/
  specs:
    ble (1.0.0)
      concurrent-ruby
      ruby-dbus
    concurrent-ruby (1.3.4)
    rexml (3.4.0)
    ruby-dbus (0.24.0)
      rexml

PLATFORMS
  ruby
  x86_64-linux

DEPENDENCIES
  ble (~> 1.0)
  ruby-dbus (~> 0.24.0)

RUBY VERSION
   ruby 3.3.6p108

BUNDLED WITH
   2.5.23
