GEM
  remote: https://rubygems.org/
  specs:
    rexml (3.4.0)
    ruby-dbus (0.24.0)
      rexml

PLATFORMS
  ruby
  x86_64-linux

DEPENDENCIES
  ruby-dbus (~> 0.24.0)

RUBY VERSION
   ruby 3.3.6p108

BUNDLED WITH
   2.5.23
